PATH
  remote: .
  specs:
    mumuki-javascript-runner (1.6.1)
      mumukit (~> 2.30)

GEM
  remote: https://rubygems.org/
  specs:
    activesupport (6.0.3.4)
      concurrent-ruby (~> 1.0, >= 1.0.2)
      i18n (>= 0.7, < 2)
      minitest (~> 5.1)
      tzinfo (~> 1.1)
      zeitwerk (~> 2.2, >= 2.2.2)
    codeclimate-test-reporter (1.0.9)
      simplecov (<= 0.13)
    concurrent-ruby (1.1.7)
    crass (1.0.6)
    diff-lcs (1.4.4)
    docile (1.1.5)
    docker-api (1.22.4)
      excon (>= 0.38.0)
      json
    domain_name (0.5.20190701)
      unf (>= 0.0.5, < 1.0.0)
    excon (0.78.1)
    http-accept (1.7.0)
    http-cookie (1.0.3)
      domain_name (~> 0.5)
    i18n (0.9.5)
      concurrent-ruby (~> 1.0)
    json (2.3.1)
    mime-types (3.3.1)
      mime-types-data (~> 3.2015)
    mime-types-data (3.2020.1104)
    mini_portile2 (2.4.0)
    minitest (5.14.2)
    mulang (5.3.0)
      mumukit-core (> 1.0)
    mumuki-emojis (1.0.3)
    mumukit (2.37.0)
      activesupport
      docker-api (~> 1.22.2)
      excon (~> 0.71)
      i18n (~> 0.7)
      mime-types (~> 3.2)
      mulang (~> 5.1)
      mumukit-content-type (~> 1.10)
      mumukit-core (~> 1.3)
      mumukit-directives (~> 0.4)
      mumukit-inspection (~> 5.0)
      puma
      sinatra (~> 2.0)
      sinatra-cross_origin (~> 0.4)
    mumukit-bridge (3.9.1)
      mumukit-core (~> 1.10)
      rest-client
    mumukit-content-type (1.10.0)
      mumuki-emojis (~> 1.0)
      mumukit-core (~> 1.0)
      redcarpet (~> 3.3.2)
      rouge (~> 3.1)
      sanitize (~> 5.0)
    mumukit-core (1.18.0)
      activesupport (>= 4.1)
      i18n (~> 0.7)
      rack (>= 1.5)
    mumukit-directives (0.5.0)
      mumukit-core (>= 0.1, < 2)
    mumukit-inspection (5.1.0)
      mulang (~> 5.0)
      mumukit-core (> 1.0, < 2)
    mustermann (1.1.1)
      ruby2_keywords (~> 0.0.1)
    netrc (0.11.0)
    nio4r (2.5.4)
    nokogiri (1.10.10)
      mini_portile2 (~> 2.4.0)
    nokogumbo (2.0.4)
      nokogiri (~> 1.8, >= 1.8.4)
    puma (5.1.0)
      nio4r (~> 2.0)
    rack (2.2.3)
    rack-protection (2.1.0)
      rack
    rake (10.5.0)
    redcarpet (3.3.4)
    rest-client (2.1.0)
      http-accept (>= 1.7.0, < 2.0)
      http-cookie (>= 1.0.2, < 2.0)
      mime-types (>= 1.16, < 4.0)
      netrc (~> 0.8)
    rouge (3.25.0)
    rspec (3.10.0)
      rspec-core (~> 3.10.0)
      rspec-expectations (~> 3.10.0)
      rspec-mocks (~> 3.10.0)
    rspec-core (3.10.0)
      rspec-support (~> 3.10.0)
    rspec-expectations (3.10.0)
      diff-lcs (>= 1.2.0, < 2.0)
      rspec-support (~> 3.10.0)
    rspec-mocks (3.10.0)
      diff-lcs (>= 1.2.0, < 2.0)
      rspec-support (~> 3.10.0)
    rspec-support (3.10.0)
    ruby2_keywords (0.0.2)
    sanitize (5.2.1)
      crass (~> 1.0.2)
      nokogiri (>= 1.8.0)
      nokogumbo (~> 2.0)
    simplecov (0.13.0)
      docile (~> 1.1.0)
      json (>= 1.8, < 3)
      simplecov-html (~> 0.10.0)
    simplecov-html (0.10.2)
    sinatra (2.1.0)
      mustermann (~> 1.0)
      rack (~> 2.2)
      rack-protection (= 2.1.0)
      tilt (~> 2.0)
    sinatra-cross_origin (0.4.0)
    thread_safe (0.3.6)
    tilt (2.0.10)
    tzinfo (1.2.8)
      thread_safe (~> 0.1)
    unf (0.1.4)
      unf_ext
    unf_ext (0.0.7.7)
    zeitwerk (2.4.2)

PLATFORMS
  ruby

DEPENDENCIES
  bundler (~> 2.1)
  codeclimate-test-reporter
  mumuki-javascript-runner!
  mumukit-bridge (~> 3.5)
  rake (~> 10.0)
  rspec (~> 3.4)

BUNDLED WITH
   2.1.0
